GEM
  remote: https://rubygems.org/
  specs:
    Ascii85 (1.0.2)
    actionmailer (4.0.2)
      actionpack (= 4.0.2)
      mail (~> 2.5.4)
    actionpack (4.0.2)
      activesupport (= 4.0.2)
      builder (~> 3.1.0)
      erubis (~> 2.7.0)
      rack (~> 1.5.2)
      rack-test (~> 0.6.2)
    active_hash (1.2.3)
      activesupport (>= 2.2.2)
    activemodel (4.0.2)
      activesupport (= 4.0.2)
      builder (~> 3.1.0)
    activerecord (4.0.2)
      activemodel (= 4.0.2)
      activerecord-deprecated_finders (~> 1.0.2)
      activesupport (= 4.0.2)
      arel (~> 4.0.0)
    activerecord-deprecated_finders (1.0.3)
    activesupport (4.0.2)
      i18n (~> 0.6, >= 0.6.4)
      minitest (~> 4.2)
      multi_json (~> 1.3)
      thread_safe (~> 0.1)
      tzinfo (~> 0.3.37)
    afm (0.2.0)
    arel (4.0.1)
    atomic (1.1.14)
    auditor (2.1.1)
      activerecord (> 3.0.0)
    axlsx (2.0.1)
      htmlentities (~> 4.3.1)
      nokogiri (>= 1.4.1)
      rubyzip (~> 1.0.0)
    axlsx_rails (0.1.5)
      axlsx
      rails (>= 3.1)
    bcrypt-ruby (3.1.2)
    builder (3.1.4)
    cancan (1.6.10)
    capybara (2.2.1)
      mime-types (>= 1.16)
      nokogiri (>= 1.3.3)
      rack (>= 1.0.0)
      rack-test (>= 0.5.4)
      xpath (~> 2.0)
    capybara-email (2.2.1)
      capybara (~> 2.2.0)
      mail
    capybara-webkit (1.1.0)
      capybara (~> 2.0, >= 2.0.2)
      json
    carrierwave (0.9.0)
      activemodel (>= 3.2.0)
      activesupport (>= 3.2.0)
      json (>= 1.7)
    clockwork (0.7.0)
      activesupport
      tzinfo (~> 0.3.35)
    cocoon (1.2.5)
    coffee-rails (4.0.1)
      coffee-script (>= 2.2.0)
      railties (>= 4.0.0, < 5.0)
    coffee-script (2.2.0)
      coffee-script-source
      execjs
    coffee-script-source (1.6.3)
    commonjs (0.2.7)
    daemons (1.1.9)
    database_cleaner (1.2.0)
    date_validator (0.7.0)
      activemodel (>= 3)
    delayed_job (4.0.0)
      activesupport (>= 3.0, < 4.1)
    delayed_job_active_record (4.0.0)
      activerecord (>= 3.0, < 4.1)
      delayed_job (>= 3.0, < 4.1)
    devise (3.2.2)
      bcrypt-ruby (~> 3.0)
      orm_adapter (~> 0.1)
      railties (>= 3.2.6, < 5)
      thread_safe (~> 0.1)
      warden (~> 1.2.3)
    devise_ichain_authenticatable (0.3.1)
      devise (>= 2.2)
    diff-lcs (1.2.5)
    erubis (2.7.0)
    exception_notification (4.0.1)
      actionmailer (>= 3.0.4)
      activesupport (>= 3.0.4)
    execjs (2.0.2)
    haml (4.0.5)
      tilt
    haml-rails (0.5.3)
      actionpack (>= 4.0.1)
      activesupport (>= 4.0.1)
      haml (>= 3.1, < 5.0)
      railties (>= 4.0.1)
    has_scope (0.6.0.rc)
      actionpack (>= 3.2, < 5)
      activesupport (>= 3.2, < 5)
    hashery (2.1.1)
    hike (1.2.3)
    hpricot (0.8.6)
    htmlentities (4.3.1)
    i18n (0.6.9)
    inherited_resources (1.4.1)
      has_scope (~> 0.6.0.rc)
      responders (~> 1.0.0.rc)
    jquery-rails (3.0.4)
      railties (>= 3.0, < 5.0)
      thor (>= 0.14, < 2.0)
    json (1.8.1)
    kaminari (0.15.0)
      actionpack (>= 3.0.0)
      activesupport (>= 3.0.0)
    less (2.4.0)
      commonjs (~> 0.2.7)
    less-rails (2.4.2)
      actionpack (>= 3.1)
      less (~> 2.4.0)
    libv8 (3.16.14.3)
    localized_country_select (0.9.7)
      actionpack (>= 3.0)
      hpricot
    mail (2.5.4)
      mime-types (~> 1.16)
      treetop (~> 1.4.8)
    mime-types (1.25.1)
    mini_portile (0.5.2)
    minitest (4.7.5)
    multi_json (1.8.2)
    nokogiri (1.6.1)
      mini_portile (~> 0.5.0)
    orm_adapter (0.5.0)
    pdf-reader (1.3.3)
      Ascii85 (~> 1.0.0)
      afm (~> 0.2.0)
      hashery (~> 2.0)
      ruby-rc4
      ttfunk
    polyamorous (0.6.4)
      activerecord (>= 3.0)
    polyglot (0.3.3)
    prawn (0.13.2)
      pdf-reader (~> 1.2)
      ruby-rc4
      ttfunk (~> 1.0.3)
    prawn_rails (0.0.11)
      prawn (>= 0.11.1)
      railties (>= 3.0.0)
    protected_attributes (1.0.5)
      activemodel (>= 4.0.1, < 5.0)
    rack (1.5.2)
    rack-test (0.6.2)
      rack (>= 1.0)
    rails (4.0.2)
      actionmailer (= 4.0.2)
      actionpack (= 4.0.2)
      activerecord (= 4.0.2)
      activesupport (= 4.0.2)
      bundler (>= 1.3.0, < 2.0)
      railties (= 4.0.2)
      sprockets-rails (~> 2.0.0)
    railties (4.0.2)
      actionpack (= 4.0.2)
      activesupport (= 4.0.2)
      rake (>= 0.8.7)
      thor (>= 0.18.1, < 2.0)
    rake (10.1.1)
    ransack (1.1.0)
      actionpack (>= 3.0)
      activerecord (>= 3.0)
      polyamorous (~> 0.6.0)
    rdoc (3.12.2)
      json (~> 1.4)
    redcarpet (3.0.0)
    ref (1.0.5)
    responders (1.0.0)
      railties (>= 3.2, < 5)
    rspec-core (2.14.7)
    rspec-expectations (2.14.4)
      diff-lcs (>= 1.1.3, < 2.0)
    rspec-mocks (2.14.4)
    rspec-rails (2.14.1)
      actionpack (>= 3.0)
      activemodel (>= 3.0)
      activesupport (>= 3.0)
      railties (>= 3.0)
      rspec-core (~> 2.14.0)
      rspec-expectations (~> 2.14.0)
      rspec-mocks (~> 2.14.0)
    ruby-graphviz (1.0.9)
    ruby-rc4 (0.1.5)
    rubyzip (1.0.0)
    sass (3.2.13)
    sass-rails (4.0.1)
      railties (>= 4.0.0, < 5.0)
      sass (>= 3.1.10)
      sprockets-rails (~> 2.0.0)
    sdoc (0.3.20)
      json (>= 1.1.3)
      rdoc (~> 3.10)
    shoulda-matchers (2.4.0)
      activesupport (>= 3.0.0)
    show_for (0.2.4)
    simple_form (3.0.1)
      actionpack (>= 4.0.0, < 4.1)
      activemodel (>= 4.0.0, < 4.1)
    sprockets (2.10.1)
      hike (~> 1.2)
      multi_json (~> 1.0)
      rack (~> 1.0)
      tilt (~> 1.1, != 1.3.0)
    sprockets-rails (2.0.1)
      actionpack (>= 3.0)
      activesupport (>= 3.0)
      sprockets (~> 2.8)
    sqlite3 (1.3.8)
    state_machine (1.2.0)
    therubyracer (0.12.0)
      libv8 (~> 3.16.14.0)
      ref
    thor (0.18.1)
    thread_safe (0.1.3)
      atomic
    tilt (1.4.1)
    treetop (1.4.15)
      polyglot
      polyglot (>= 0.3.1)
    ttfunk (1.0.3)
    turbolinks (2.1.0)
      coffee-rails
    twitter-bootstrap-rails (2.2.8)
      actionpack (>= 3.1)
      execjs
      rails (>= 3.1)
      railties (>= 3.1)
    tzinfo (0.3.38)
    uglifier (2.4.0)
      execjs (>= 0.3.0)
      json (>= 1.8.0)
    warden (1.2.3)
      rack (>= 1.0)
    xpath (2.0.0)
      nokogiri (~> 1.3)
    yard (0.8.7.3)
    yard-activerecord (0.0.11)
      yard (>= 0.8.3)

PLATFORMS
  ruby

DEPENDENCIES
  active_hash
  auditor
  axlsx_rails
  cancan
  capybara
  capybara-email
  capybara-webkit
  carrierwave
  clockwork
  cocoon
  coffee-rails (~> 4.0.0)
  daemons
  database_cleaner
  date_validator
  delayed_job_active_record
  devise
  devise_ichain_authenticatable (>= 0.3.0)
  exception_notification
  haml-rails
  inherited_resources
  jquery-rails
  kaminari
  less-rails
  localized_country_select
  prawn_rails
  protected_attributes
  rails (= 4.0.2)
  ransack
  redcarpet
  rspec-rails
  ruby-graphviz
  sass-rails (~> 4.0.0)
  sdoc
  shoulda-matchers
  show_for
  simple_form
  sqlite3
  state_machine
  therubyracer
  turbolinks
  twitter-bootstrap-rails
  uglifier (>= 1.3.0)
  yard
  yard-activerecord
